GEM
  remote: http://rubygems.org/
  specs:
    vagrant-wrapper (1.2.1.1)

PLATFORMS
  ruby

DEPENDENCIES
  vagrant-wrapper (~> 1.2.1)
